GEM
  remote: https://rubygems.org/
  specs:
    erubis (2.7.0)
    haml (4.0.4)
      tilt
    slim (2.0.2)
      temple (~> 0.6.6)
      tilt (>= 1.3.3, < 2.1)
    temple (0.6.7)
    tilt (2.0.0)

PLATFORMS
  ruby

DEPENDENCIES
  erubis
  haml
  slim
  tilt
