GEM
  remote: https://rubygems.org/
  specs:
    builder (3.2.2)
    commonjs (0.2.7)
    erubis (2.7.0)
    faker (1.2.0)
      i18n (~> 0.5)
    haml (4.0.4)
      tilt
    handlebars (0.5.0)
      commonjs (~> 0.2.3)
      handlebars-source (~> 1.0.12)
      therubyracer (~> 0.12.0)
    handlebars-source (1.0.12)
    i18n (0.6.9)
    libv8 (3.16.14.3)
    liquid (2.6.0)
    markaby (0.7.2)
      builder (>= 2.0.0)
    mustache (0.99.5)
    ref (1.0.5)
    slim (2.0.2)
      temple (~> 0.6.6)
      tilt (>= 1.3.3, < 2.1)
    temple (0.6.7)
    tenjin (0.7.1)
    therubyracer (0.12.0)
      libv8 (~> 3.16.14.0)
      ref
    tilt (2.0.0)

PLATFORMS
  ruby

DEPENDENCIES
  erubis
  faker
  haml
  handlebars
  liquid
  markaby
  mustache
  slim
  tenjin
  tilt
