GEM
  remote: https://rubygems.org/
  specs:
    erubis (2.7.0)
    faker (1.2.0)
      i18n (~> 0.5)
    haml (4.0.4)
      tilt
    i18n (0.6.9)
    liquid (2.6.0)
    slim (2.0.2)
      temple (~> 0.6.6)
      tilt (>= 1.3.3, < 2.1)
    temple (0.6.7)
    tilt (2.0.0)

PLATFORMS
  ruby

DEPENDENCIES
  erubis
  faker
  haml
  liquid
  slim
  tilt
