GEM
  remote: https://rubygems.org/
  specs:
    erubis (2.7.0)
    haml (4.0.4)
      tilt
    mustache (0.99.5)
    tilt (2.0.0)

PLATFORMS
  ruby

DEPENDENCIES
  erubis
  haml
  mustache
  tilt
