GEM
  remote: https://rubygems.org/
  specs:
    erubis (2.7.0)
    faker (1.2.0)
      i18n (~> 0.5)
    haml (4.0.4)
      tilt
    i18n (0.6.9)
    tilt (2.0.0)

PLATFORMS
  ruby

DEPENDENCIES
  erubis
  faker
  haml
  tilt
