GIT
  remote: git://github.com/DeLaGuardo/tilt-handlebars.git
  revision: b17fe1a74ac768b722fac7af904782dd00230e31
  specs:
    tilt-handlebars (1.2.0)
      handlebars (~> 0.5)
      tilt

GEM
  remote: https://rubygems.org/
  specs:
    commonjs (0.2.7)
    erubis (2.7.0)
    haml (4.0.4)
      tilt
    handlebars (0.5.0)
      commonjs (~> 0.2.3)
      handlebars-source (~> 1.0.12)
      therubyracer (~> 0.12.0)
    handlebars-source (1.0.12)
    libv8 (3.16.14.3)
    ref (1.0.5)
    therubyracer (0.12.0)
      libv8 (~> 3.16.14.0)
      ref
    tilt (2.0.0)

PLATFORMS
  ruby

DEPENDENCIES
  erubis
  haml
  tilt
  tilt-handlebars!
